GEM
  remote: https://rubygems.org/
  specs:
    awesome_print (1.8.0)
    coderay (1.1.2)
    method_source (0.9.0)
    pry (0.11.3)
      coderay (~> 1.1.0)
      method_source (~> 0.9.0)
    sqlite3 (1.3.13)

PLATFORMS
  ruby

DEPENDENCIES
  awesome_print
  pry
  sqlite3

BUNDLED WITH
   1.16.1
